GEM
  remote: https://rubygems.org/
  specs:
    benchmark-ips (2.7.2)
    benchmark_driver (0.10.9)
    byebug (11.1.3)
    coderay (1.1.3)
    memory_profiler (0.9.10)
    method_source (1.0.0)
    pry (0.13.1)
      coderay (~> 1.1)
      method_source (~> 1.0)
    pry-byebug (3.9.0)
      byebug (~> 11.0)
      pry (~> 0.13.0)

PLATFORMS
  ruby

DEPENDENCIES
  benchmark-ips
  benchmark_driver
  memory_profiler
  pry-byebug

BUNDLED WITH
   1.17.3
